GEM
  specs:
    africastalking-ruby (1.0.0)

PLATFORMS
  ruby

DEPENDENCIES
  africastalking-ruby

BUNDLED WITH
   1.11.2
